PATH
  remote: .
  specs:
    solaredge (0.1.0)
      excon (~> 0.54)
      pg (~> 0.18)
      pry (~> 0.10)
      sequel (~> 4.36)

GEM
  remote: https://rubygems.org/
  specs:
    coderay (1.1.1)
    excon (0.54.0)
    method_source (0.8.2)
    minitest (5.10.1)
    pg (0.18.4)
    pry (0.10.3)
      coderay (~> 1.1.0)
      method_source (~> 0.8.1)
      slop (~> 3.4)
    rake (10.5.0)
    sequel (4.36.0)
    slop (3.6.0)
    sqlite3 (1.3.11)

PLATFORMS
  ruby

DEPENDENCIES
  bundler (~> 1.12)
  minitest (~> 5.0)
  rake (~> 10.0)
  solaredge!
  sqlite3 (~> 1.3)

BUNDLED WITH
   1.12.5
