PATH
  remote: .
  specs:
    solarmon (0.1.0)
      bundler (~> 1.12)
      excon (~> 0.54)
      pg (~> 0.18)
      pry (~> 0.10)
      rake (~> 10.0)
      sequel (~> 4.36)
      sinatra (~> 1.4)
      thin (~> 1.7)
      tzinfo (~> 1.2)

GEM
  remote: https://rubygems.org/
  specs:
    coderay (1.1.2)
    daemons (1.2.6)
    eventmachine (1.2.5)
    excon (0.60.0)
    method_source (0.9.0)
    minitest (5.11.3)
    pg (0.21.0)
    pry (0.11.3)
      coderay (~> 1.1.0)
      method_source (~> 0.9.0)
    rack (1.6.8)
    rack-protection (1.5.3)
      rack
    rake (10.5.0)
    sequel (4.49.0)
    sinatra (1.4.8)
      rack (~> 1.5)
      rack-protection (~> 1.4)
      tilt (>= 1.3, < 3)
    sqlite3 (1.3.13)
    thin (1.7.2)
      daemons (~> 1.0, >= 1.0.9)
      eventmachine (~> 1.0, >= 1.0.4)
      rack (>= 1, < 3)
    thread_safe (0.3.6)
    tilt (2.0.8)
    tzinfo (1.2.5)
      thread_safe (~> 0.1)

PLATFORMS
  ruby

DEPENDENCIES
  minitest (~> 5.0)
  solarmon!
  sqlite3 (~> 1.3)

RUBY VERSION
   ruby 2.2.6p396

BUNDLED WITH
   1.12.5
