PATH
  remote: .
  specs:
    solarmon (0.1.0)
      erubis (~> 2.7)
      excon (~> 0.54)
      pg (~> 0.18)
      pry (~> 0.10)
      sequel (~> 4.36)
      sinatra (~> 1.4)
      thin (~> 1.7)
      tzinfo (~> 1.2)

GEM
  remote: https://rubygems.org/
  specs:
    coderay (1.1.1)
    daemons (1.2.4)
    erubis (2.7.0)
    eventmachine (1.2.1)
    excon (0.54.0)
    method_source (0.8.2)
    minitest (5.10.1)
    pg (0.19.0)
    pry (0.10.4)
      coderay (~> 1.1.0)
      method_source (~> 0.8.1)
      slop (~> 3.4)
    rack (1.6.5)
    rack-protection (1.5.3)
      rack
    rake (10.5.0)
    sequel (4.41.0)
    sinatra (1.4.7)
      rack (~> 1.5)
      rack-protection (~> 1.4)
      tilt (>= 1.3, < 3)
    slop (3.6.0)
    sqlite3 (1.3.11)
    thin (1.7.0)
      daemons (~> 1.0, >= 1.0.9)
      eventmachine (~> 1.0, >= 1.0.4)
      rack (>= 1, < 3)
    thread_safe (0.3.5)
    tilt (2.0.5)
    tzinfo (1.2.2)
      thread_safe (~> 0.1)

PLATFORMS
  ruby

DEPENDENCIES
  bundler (~> 1.12)
  minitest (~> 5.0)
  rake (~> 10.0)
  solarmon!
  sqlite3 (~> 1.3)

RUBY VERSION
   ruby 2.2.6p396

BUNDLED WITH
   1.12.5
